GEM
  remote: https://rubygems.org/
  specs:
    pkg-config (1.5.5)
    rake (13.0.1)
    rmagick (5.3.0)
      pkg-config (~> 1.4)

PLATFORMS
  ruby

DEPENDENCIES
  rake
  rmagick

BUNDLED WITH
   2.1.4
