GEM
  remote: https://rubygems.org/
  specs:
    rake (13.0.1)
    rmagick (4.1.2)

PLATFORMS
  ruby

DEPENDENCIES
  rake
  rmagick

BUNDLED WITH
   2.1.4
